GEM
  remote: https://rubygems.org/
  specs:
    jruby-jars (1.7.5)
    jruby-rack (1.1.13.2)
    multi_json (1.8.0)
    rack (1.5.2)
    rack-protection (1.5.0)
      rack
    rake (10.1.0)
    rubyzip (0.9.9)
    sinatra (1.4.3)
      rack (~> 1.4)
      rack-protection (~> 1.4)
      tilt (~> 1.3, >= 1.3.4)
    tilt (1.4.1)
    warbler (1.4.0.beta1)
      jruby-jars (>= 1.5.6)
      jruby-rack (>= 1.0.0)
      rake (>= 0.9.6)
      rubyzip (~> 0.9)

PLATFORMS
  java

DEPENDENCIES
  multi_json (= 1.8.0)
  sinatra (= 1.4.3)
  warbler (= 1.4.0.beta1)
